GEM
  remote: https://rubygems.org/
  specs:
    blankslate (3.1.2)
    builder (3.1.4)
    celluloid (0.15.2)
      timers (~> 1.1.0)
    coderay (1.0.9)
    colored (1.2)
    cri (2.4.0)
      colored (>= 1.2)
    ffi (1.0.11)
    formatador (0.2.4)
    guard (2.0.5)
      formatador (>= 0.2.4)
      listen (~> 2.0)
      lumberjack (~> 1.0)
      pry (>= 0.9.12)
      thor (>= 0.18.1)
    guard-nanoc (1.0.0)
    kramdown (0.13.8)
    listen (2.1.1)
      celluloid (>= 0.15.2)
      rb-fsevent (>= 0.9.3)
      rb-inotify (>= 0.9)
    lumberjack (1.0.4)
    method_source (0.8.2)
    mime-types (1.25)
    nanoc (3.4.3)
      cri (~> 2.2)
    nokogiri (1.4.7)
    pry (0.9.12.2)
      coderay (~> 1.0.5)
      method_source (~> 0.8)
      slop (~> 3.4)
    pygments.rb (0.2.13)
      rubypython (~> 0.5.3)
    rb-fsevent (0.9.3)
    rb-inotify (0.9.2)
      ffi (>= 0.5.0)
    rubypython (0.5.3)
      blankslate (>= 2.1.2.3)
      ffi (~> 1.0.7)
    slop (3.4.6)
    thor (0.18.1)
    timers (1.1.0)
    yajl-ruby (0.8.3)

PLATFORMS
  ruby

DEPENDENCIES
  builder
  coderay (~> 1.0.9)
  guard (~> 2.0.5)
  guard-nanoc
  kramdown (~> 0.13.2)
  mime-types (~> 1.16)
  nanoc (~> 3.4.3)
  nokogiri (~> 1.4.4)
  pygments.rb
  yajl-ruby (~> 0.8.2)
